GEM
  remote: https://rubygems.org/
  specs:
    addressable (2.3.6)
    capybara (2.4.4)
      mime-types (>= 1.16)
      nokogiri (>= 1.3.3)
      rack (>= 1.0.0)
      rack-test (>= 0.5.4)
      xpath (~> 2.0)
    childprocess (0.5.5)
      ffi (~> 1.0, >= 1.0.11)
    ffi (1.9.6)
    mime-types (2.4.1)
    mini_portile (0.6.0)
    multi_json (1.10.1)
    nokogiri (1.6.3.1)
      mini_portile (= 0.6.0)
    rack (1.5.2)
    rack-test (0.6.2)
      rack (>= 1.0)
    rubyzip (1.1.6)
    selenium-webdriver (2.43.0)
      childprocess (~> 0.5)
      multi_json (~> 1.0)
      rubyzip (~> 1.0)
      websocket (~> 1.0)
    site_prism (2.6)
      addressable (~> 2.3.3)
      capybara (>= 2.1, < 3.0)
    websocket (1.2.1)
    xpath (2.0.0)
      nokogiri (~> 1.3)

PLATFORMS
  ruby

DEPENDENCIES
  capybara
  selenium-webdriver
  site_prism
